GIT
  remote: git://github.com/clearwater-rb/clearwater.git
  revision: 6323d12f7fb66c6e6921636b378d776bab1731da
  branch: virtual-dom
  specs:
    clearwater (0.0.1)
      opal (~> 0.7.0)
      opal-browser

GIT
  remote: git://github.com/opal/opal-browser.git
  revision: 7566410d94ac6607a76a28fc7a22004e235e8786
  specs:
    opal-browser (0.2.0.beta1)
      opal
      paggio

GEM
  remote: https://rubygems.org/
  specs:
    hike (1.2.3)
    opal (0.7.1)
      hike (~> 1.2)
      sourcemap (~> 0.1.0)
      sprockets (>= 2.2.3, < 4.0.0)
      tilt (~> 1.4)
    paggio (0.2.4)
    rack (1.6.0)
    rack-protection (1.5.3)
      rack
    sinatra (1.4.6)
      rack (~> 1.4)
      rack-protection (~> 1.4)
      tilt (>= 1.3, < 3)
    sourcemap (0.1.1)
    sprockets (3.0.3)
      rack (~> 1.0)
    tilt (1.4.1)

PLATFORMS
  ruby

DEPENDENCIES
  clearwater!
  opal-browser!
  sinatra
